PATH
  remote: .
  specs:
    active_record_seek (0.0.5)

GEM
  remote: https://rubygems.org/
  specs:
    activemodel (5.2.3)
      activesupport (= 5.2.3)
    activerecord (5.2.3)
      activemodel (= 5.2.3)
      activesupport (= 5.2.3)
      arel (>= 9.0)
    activesupport (5.2.3)
      concurrent-ruby (~> 1.0, >= 1.0.2)
      i18n (>= 0.7, < 2)
      minitest (~> 5.1)
      tzinfo (~> 1.1)
    arel (9.0.0)
    byebug (11.1.1)
    concurrent-ruby (1.1.5)
    factory_bot (5.1.1)
      activesupport (>= 4.2.0)
    i18n (1.6.0)
      concurrent-ruby (~> 1.0)
    minitest (5.11.3)
    mysql2 (0.5.3)
    pg (1.2.3)
    rake (12.3.2)
    sqlite3 (1.4.2)
    thread_safe (0.3.6)
    tzinfo (1.2.5)
      thread_safe (~> 0.1)

PLATFORMS
  ruby

DEPENDENCIES
  active_record_seek!
  activerecord (~> 5)
  bundler (~> 2)
  byebug (~> 11)
  factory_bot (~> 5)
  minitest (~> 5.0)
  mysql2 (~> 0.5)
  pg (~> 1)
  rake (~> 12.0)
  sqlite3 (~> 1)

BUNDLED WITH
   2.1.4
