PATH
  remote: .
  specs:
    active_record_seek (0.0.5)

GEM
  remote: https://rubygems.org/
  specs:
    activemodel (7.0.4.1)
      activesupport (= 7.0.4.1)
    activerecord (7.0.4.1)
      activemodel (= 7.0.4.1)
      activesupport (= 7.0.4.1)
    activesupport (7.0.4.1)
      concurrent-ruby (~> 1.0, >= 1.0.2)
      i18n (>= 1.6, < 2)
      minitest (>= 5.1)
      tzinfo (~> 2.0)
    byebug (11.1.1)
    concurrent-ruby (1.1.10)
    factory_bot (5.1.1)
      activesupport (>= 4.2.0)
    i18n (1.12.0)
      concurrent-ruby (~> 1.0)
    minitest (5.17.0)
    rake (12.3.2)
    tzinfo (2.0.5)
      concurrent-ruby (~> 1.0)

PLATFORMS
  ruby

DEPENDENCIES
  active_record_seek!
  activerecord (~> 7)
  bundler (~> 2)
  byebug (~> 11)
  factory_bot (~> 5)
  rake (~> 12)

BUNDLED WITH
   2.0.2
